GEM
  remote: https://rubygems.org/
  specs:
    coderay (1.0.8)
    method_source (0.8.1)
    pry (0.9.10)
      coderay (~> 1.0.5)
      method_source (~> 0.8)
      slop (~> 3.3.1)
    rufus-scheduler (2.0.17)
      tzinfo (>= 0.3.23)
    slop (3.3.3)
    tzinfo (0.3.35)

PLATFORMS
  ruby

DEPENDENCIES
  pry
  rufus-scheduler
